GEM
  remote: https://rubygems.org/
  specs:
    amazing_print (1.4.0)
    coderay (1.1.3)
    connection_pool (2.4.0)
    httpclient (2.8.3)
    json (2.6.3)
    method_source (1.0.0)
    mini_portile2 (2.8.1)
    nokogiri (1.14.3)
      mini_portile2 (~> 2.8.0)
      racc (~> 1.4)
    pry (0.14.2)
      coderay (~> 1.1)
      method_source (~> 1.0)
    racc (1.6.2)
    redis (5.0.6)
      redis-client (>= 0.9.0)
    redis-client (0.14.1)
      connection_pool
    redis-namespace (1.10.0)
      redis (>= 4)
    rexml (3.2.5)
    rss (0.2.9)
      rexml

PLATFORMS
  ruby

DEPENDENCIES
  amazing_print
  httpclient
  json
  nokogiri
  pry
  redis
  redis-namespace
  rss

BUNDLED WITH
   2.4.10
